GEM
  remote: https://rubygems.org/
  specs:

PLATFORMS
  java
  ruby

DEPENDENCIES

BUNDLED WITH
   1.11.2
